PATH
  remote: .
  specs:
    find_n_biggest_numbers_in_text (0.1.0)

GEM
  remote: https://rubygems.org/
  specs:
    rake (10.5.0)

PLATFORMS
  ruby

DEPENDENCIES
  bundler (~> 2.0)
  find_n_biggest_numbers_in_text!
  rake (~> 10.0)

BUNDLED WITH
   2.0.2
